GEM
  remote: https://rubygems.org/
  specs:
    ox (2.13.4)

PLATFORMS
  ruby

DEPENDENCIES
  ox

BUNDLED WITH
   2.1.4
